GEM
  remote: https://rubygems.org/
  specs:
    amq-protocol (2.3.0)
    bunny (2.12.1)
      amq-protocol (~> 2.3, >= 2.3.0)
    concurrent-ruby (1.1.4)

PLATFORMS
  ruby

DEPENDENCIES
  bunny (~> 2.12.0)
  concurrent-ruby (~> 1.1.0)

BUNDLED WITH
   1.17.2
